GEM
  remote: http://rubygems.org/
  specs:
    activemodel (3.1.0)
      activesupport (= 3.1.0)
      bcrypt-ruby (~> 3.0.0)
      builder (~> 3.0.0)
      i18n (~> 0.6)
    activerecord (3.1.0)
      activemodel (= 3.1.0)
      activesupport (= 3.1.0)
      arel (~> 2.2.1)
      tzinfo (~> 0.3.29)
    activesupport (3.1.0)
      multi_json (~> 1.0)
    archive-tar-minitar (0.5.2)
    arel (2.2.1)
    bcrypt-ruby (3.0.0)
    bson (1.4.1)
    builder (3.0.0)
    columnize (0.3.4)
    crack (0.1.8)
    diff-lcs (1.1.3)
    file-tail (1.0.6)
      spruz (~> 0.2)
    git (1.2.5)
    groupon (0.0.1)
      hashie (>= 0.1.3)
      httparty (>= 0.1.0)
    hashie (1.1.0)
    httparty (0.7.8)
      crack (= 0.1.8)
    i18n (0.6.0)
    jeweler (1.6.4)
      bundler (~> 1.0)
      git (>= 1.2.5)
      rake
    linecache19 (0.5.12)
      ruby_core_source (>= 0.1.4)
    mongo (1.4.1)
      bson (= 1.4.1)
    mongoid (2.3.2)
      activemodel (~> 3.1)
      mongo (~> 1.4)
      tzinfo (~> 0.3.22)
    mongoid-rspec (1.4.4)
      mongoid (~> 2.0)
      rspec (~> 2)
    multi_json (1.0.3)
    mysql (2.8.1)
    rake (0.8.7)
    ripper2ruby (0.0.2)
    rspec (2.4.0)
      rspec-core (~> 2.4.0)
      rspec-expectations (~> 2.4.0)
      rspec-mocks (~> 2.4.0)
    rspec-core (2.4.0)
    rspec-expectations (2.4.0)
      diff-lcs (~> 1.1.2)
    rspec-mocks (2.4.0)
    ruby-debug-base19 (0.11.25)
      columnize (>= 0.3.1)
      linecache19 (>= 0.5.11)
      ruby_core_source (>= 0.1.4)
    ruby-debug19 (0.11.6)
      columnize (>= 0.3.1)
      linecache19 (>= 0.5.11)
      ruby-debug-base19 (>= 0.11.19)
    ruby2ruby (1.2.5)
      ruby_parser (~> 2.0)
      sexp_processor (~> 3.0)
    ruby_core_source (0.1.5)
      archive-tar-minitar (>= 0.5.2)
    ruby_parser (2.0.6)
      sexp_processor (~> 3.0)
    sexp_processor (3.0.5)
    sourcify (0.5.0)
      file-tail (>= 1.0.5)
      ruby2ruby (>= 1.2.5)
      ruby_parser (>= 2.0.5)
      sexp_processor (>= 3.0.5)
    spruz (0.2.12)
    tzinfo (0.3.29)

PLATFORMS
  ruby

DEPENDENCIES
  activerecord (~> 3.1.0)
  bundler (~> 1.0.0)
  groupon (~> 0.0.1)
  jeweler (~> 1.6.4)
  mongoid
  mongoid-rspec
  mysql (~> 2.8.1)
  rake (= 0.8.7)
  ripper2ruby
  rspec (~> 2.4.0)
  ruby-debug19
  sourcify (~> 0.5.0)
