GEM
  remote: http://rubygems.org/
  specs:
    activemodel (3.1.8)
      activesupport (= 3.1.8)
      builder (~> 3.0.0)
      i18n (~> 0.6)
    activerecord (3.1.8)
      activemodel (= 3.1.8)
      activesupport (= 3.1.8)
      arel (~> 2.2.3)
      tzinfo (~> 0.3.29)
    activesupport (3.1.8)
      multi_json (>= 1.0, < 1.3)
    archive-tar-minitar (0.5.2)
    arel (2.2.3)
    bson (1.7.0)
    builder (3.0.3)
    columnize (0.3.6)
    diff-lcs (1.1.3)
    file-tail (1.0.11)
      tins (~> 0.5.0)
    git (1.2.5)
    groupon (0.0.1)
      hashie (>= 0.1.3)
      httparty (>= 0.1.0)
    hashie (1.2.0)
    httparty (0.9.0)
      multi_json (~> 1.0)
      multi_xml
    i18n (0.6.1)
    jeweler (1.6.4)
      bundler (~> 1.0)
      git (>= 1.2.5)
      rake
    linecache19 (0.5.12)
      ruby_core_source (>= 0.1.4)
    mongo (1.7.0)
      bson (~> 1.7.0)
    mongoid (2.5.0)
      activemodel (~> 3.1)
      mongo (~> 1.7)
      tzinfo (~> 0.3.22)
    mongoid-rspec (1.4.4)
      mongoid (~> 2.0)
      rspec (~> 2)
    multi_json (1.2.0)
    multi_xml (0.5.1)
    mysql (2.8.1)
    rake (0.8.7)
    ripper2ruby (0.0.2)
    rspec (2.4.0)
      rspec-core (~> 2.4.0)
      rspec-expectations (~> 2.4.0)
      rspec-mocks (~> 2.4.0)
    rspec-core (2.4.0)
    rspec-expectations (2.4.0)
      diff-lcs (~> 1.1.2)
    rspec-mocks (2.4.0)
    ruby-debug-base19 (0.11.25)
      columnize (>= 0.3.1)
      linecache19 (>= 0.5.11)
      ruby_core_source (>= 0.1.4)
    ruby-debug19 (0.11.6)
      columnize (>= 0.3.1)
      linecache19 (>= 0.5.11)
      ruby-debug-base19 (>= 0.11.19)
    ruby2ruby (1.3.1)
      ruby_parser (~> 2.0)
      sexp_processor (~> 3.0)
    ruby_core_source (0.1.4)
      archive-tar-minitar (>= 0.5.2)
    ruby_parser (2.3.1)
      sexp_processor (~> 3.0)
    sexp_processor (3.2.0)
    sourcify (0.5.0)
      file-tail (>= 1.0.5)
      ruby2ruby (>= 1.2.5)
      ruby_parser (>= 2.0.5)
      sexp_processor (>= 3.0.5)
    tins (0.5.5)
    tzinfo (0.3.33)

PLATFORMS
  ruby

DEPENDENCIES
  activerecord (~> 3.1.0)
  groupon (~> 0.0.1)
  jeweler (~> 1.6.4)
  mongoid
  mongoid-rspec
  mysql (~> 2.8.1)
  rake (= 0.8.7)
  ripper2ruby
  rspec (~> 2.4.0)
  ruby-debug19
  sourcify (~> 0.5.0)
